GEM
  remote: https://rubygems.org/
  specs:
    ast (2.2.0)
    coderay (1.1.1)
    cuba (3.5.0)
      rack (~> 1.6.0)
    database_cleaner (1.5.1)
    granola (0.10.1)
    method_source (0.8.2)
    minitest (5.8.4)
    parser (2.3.0.6)
      ast (~> 2.2)
    pg (0.18.4)
    powerpack (0.1.1)
    pry (0.10.3)
      coderay (~> 1.1.0)
      method_source (~> 0.8.1)
      slop (~> 3.4)
    puma (3.0.2)
    rack (1.6.4)
    rack-protection (1.5.3)
      rack
    rainbow (2.1.0)
    rake (10.5.0)
    rubocop (0.37.2)
      parser (>= 2.3.0.4, < 3.0)
      powerpack (~> 0.1)
      rainbow (>= 1.99.1, < 3.0)
      ruby-progressbar (~> 1.7)
      unicode-display_width (~> 0.3)
    ruby-progressbar (1.7.5)
    sequel (4.32.0)
    shotgun (0.9.1)
      rack (>= 1.0)
    slop (3.6.0)
    unicode-display_width (0.3.1)
    yajl-ruby (1.2.1)

PLATFORMS
  ruby

DEPENDENCIES
  cuba
  database_cleaner
  granola
  minitest
  pg
  pry
  puma
  rack
  rack-protection
  rake
  rubocop
  sequel
  shotgun
  yajl-ruby

BUNDLED WITH
   1.11.2
