GEM
  remote: https://rubygems.org/
  specs:
    cuba (3.5.0)
      rack (~> 1.6.0)
    pg (0.18.4)
    puma (3.0.2)
    rack (1.6.4)
    rack-protection (1.5.3)
      rack
    shotgun (0.9.1)
      rack (>= 1.0)

PLATFORMS
  ruby

DEPENDENCIES
  cuba
  pg
  puma
  rack
  rack-protection
  shotgun

BUNDLED WITH
   1.11.2
