GEM
  remote: https://rubygems.org/
  specs:
    mysql2 (0.4.3)
    pg (0.18.4)
    rack (1.6.4)
    rack-protection (1.5.3)
      rack
    redis (3.2.2)
    sinatra (1.4.7)
      rack (~> 1.5)
      rack-protection (~> 1.4)
      tilt (>= 1.3, < 3)
    tilt (2.0.2)

PLATFORMS
  ruby

DEPENDENCIES
  mysql2
  pg
  rack
  rack-protection
  redis
  sinatra

BUNDLED WITH
   1.11.2
