GEM
  remote: https://rubygems.org/
  specs:
    mysql2 (0.4.3)
    rack (1.6.4)
    redis (3.2.2)

PLATFORMS
  ruby

DEPENDENCIES
  mysql2
  rack
  redis

BUNDLED WITH
   1.11.2
